NUGET
  remote: https://www.nuget.org/api/v2
    Argu (3.2)
    Expecto (2.4.2)
      Argu (>= 3.2)
      FSharp.Core (>= 3.1.2.5)
    FAKE (4.48)
    FParsec (1.0.2)
    FSharp.Core (4.0.0.1)
