NUGET
  remote: https://www.nuget.org/api/v2
    FAKE (4.46.1)
    FParsec (1.0.2)
    FSharp.Core (4.0.0.1)
    FSharp.Quotations.Evaluator (1.0.7)
